GEM
  remote: http://rubygems.org/
  specs:
    rake (0.9.2.2)
    test-unit (2.4.5)

PLATFORMS
  ruby

DEPENDENCIES
  rake
  test-unit
